GIT
  remote: https://github.com/rspec/rspec-core.git
  revision: 94dfb29265fbadb1216a0aaf97cd343396c942c3
  branch: main
  specs:
    rspec-core (3.11.0.pre)
      rspec-support (= 3.11.0.pre)

GIT
  remote: https://github.com/rspec/rspec-expectations.git
  revision: dba67987c63f551d1bf0f7877f069fa8b72d0461
  branch: main
  specs:
    rspec-expectations (3.11.0.pre)
      diff-lcs (>= 1.2.0, < 2.0)
      rspec-support (= 3.11.0.pre)

GIT
  remote: https://github.com/rspec/rspec-mocks.git
  revision: 17cf86ab61544b93232c4e9ca9784ab212dccbf6
  branch: main
  specs:
    rspec-mocks (3.11.0.pre)
      diff-lcs (>= 1.2.0, < 2.0)
      rspec-support (= 3.11.0.pre)

GIT
  remote: https://github.com/rspec/rspec-support.git
  revision: 28526172c42302858c18681d7d7580490d885b4d
  branch: main
  specs:
    rspec-support (3.11.0.pre)

GIT
  remote: https://github.com/rspec/rspec.git
  revision: 9fb905ef4a6c4b7303c7eeee654128126d73c42b
  branch: main
  specs:
    rspec (3.11.0.pre)
      rspec-core (= 3.11.0.pre)
      rspec-expectations (= 3.11.0.pre)
      rspec-mocks (= 3.11.0.pre)

GEM
  remote: https://rubygems.org/
  specs:
    activesupport (6.1.3.2)
      concurrent-ruby (~> 1.0, >= 1.0.2)
      i18n (>= 1.6, < 2)
      minitest (>= 5.1)
      tzinfo (~> 2.0)
      zeitwerk (~> 2.3)
    byebug (11.1.3)
    concurrent-ruby (1.1.8)
    diff-lcs (1.4.4)
    i18n (1.8.10)
      concurrent-ruby (~> 1.0)
    minitest (5.14.4)
    rake (13.0.3)
    tzinfo (2.0.4)
      concurrent-ruby (~> 1.0)
    zeitwerk (2.4.2)

PLATFORMS
  x86_64-linux

DEPENDENCIES
  activesupport
  byebug
  rake
  rspec!
  rspec-core!
  rspec-expectations!
  rspec-mocks!
  rspec-support!

RUBY VERSION
   ruby 2.6.6p146

BUNDLED WITH
   2.2.6
